GEM
  remote: https://rubygems.org/
  specs:
    rake (12.0.0)

PLATFORMS
  ruby

DEPENDENCIES
  rake (~> 12.0)!

BUNDLED WITH
   1.11.2
